GEM
  remote: http://rubygems.org/
  specs:
    archive-tar-minitar (0.5.2)
    chunky_png (1.2.5)
    coffee-script (2.2.0)
      coffee-script-source
      execjs
    coffee-script-source (1.1.2)
    compass (0.11.5)
      chunky_png (~> 1.2)
      fssm (>= 0.2.7)
      sass (~> 3.1)
    downlow (0.1.4)
      archive-tar-minitar (>= 0.5.2)
      rubyzip (>= 0.9.4)
    execjs (1.2.9)
      multi_json (~> 1.0)
    fakeweb (1.3.0)
    fssm (0.2.7)
    git (1.2.5)
    jeweler (1.6.4)
      bundler (~> 1.0)
      git (>= 1.2.5)
      rake
    jim (0.3.1)
      downlow (~> 0.1.3)
      downlow (~> 0.1.4)
      fakeweb (>= 1.2.8)
      fssm
      fssm (~> 0.2.0)
      jeweler
      leftright
      mocha
      rack-test
      rake
      shoulda
      test-unit
      thor
      thor (~> 0.14.4)
      version_sorter (~> 1.1.0)
      version_sorter (~> 1.1.0)
      yajl-ruby
      yajl-ruby
    json (1.4.6)
    leftright (0.9.1)
    metaclass (0.0.1)
    mime-types (1.16)
    mocha (0.10.0)
      metaclass (~> 0.0.1)
    multi_json (1.0.3)
    mustache (0.99.4)
    rack (1.3.3)
    rack-test (0.6.1)
      rack (>= 1.0)
    rake (0.9.2.2)
    rubyzip (0.9.4)
    sass (3.1.8)
    shoulda (2.11.3)
    test-unit (2.4.0)
    thor (0.14.6)
    typhoeus (0.2.4)
      mime-types
      mime-types
    version_sorter (1.1.0)
    yajl-ruby (1.0.0)

PLATFORMS
  ruby

DEPENDENCIES
  coffee-script (~> 2.2)
  compass (~> 0.11)
  jeweler
  jim (~> 0.3.1)
  json (~> 1.4.6)
  mime-types (~> 1.16)
  mustache (~> 0.99)
  rake
  shoulda
  thor (~> 0.14.0)
  typhoeus (~> 0.2.4)
